GEM
  remote: https://rubygems.org/
  specs:
    rack (3.1.8)
    rackup (2.2.1)
      rack (>= 3)
    webrick (1.9.1)
PLATFORMS
  ruby
  x86_64-linux
DEPENDENCIES
  rack
  rackup
  webrick
BUNDLED WITH
  2.5.22

